GEM
  remote: https://rubygems.org/
  specs:
    cheat (1.3.3)
      pager (~> 1.0)
    columnize (0.3.6)
    debugger (1.6.1)
      columnize (>= 0.3.1)
      debugger-linecache (~> 1.2.0)
      debugger-ruby_core_source (~> 1.2.3)
    debugger-linecache (1.2.0)
    debugger-ruby_core_source (1.2.3)
    pager (1.0.1)

PLATFORMS
  ruby

DEPENDENCIES
  cheat
  debugger
